GEM
  remote: https://rubygems.org/
  specs:
    facets (3.0.0)
    thor (0.19.1)

PLATFORMS
  ruby

DEPENDENCIES
  facets
  thor
